GEM
  remote: http://rubygems.org/
  specs:
    redcarpet (2.2.2)
    sass (3.2.5)
    tilt (1.3.3)

PLATFORMS
  ruby

DEPENDENCIES
  redcarpet
  sass
  tilt
